GEM
  remote: https://rubygems.org/
  specs:
    developwithpassion_arrays (0.0.1)
    diff-lcs (1.2.4)
    fakes (1.0.5)
      developwithpassion_arrays
    fakes-rspec (1.0.2)
      fakes
      rspec
    rspec (2.13.0)
      rspec-core (~> 2.13.0)
      rspec-expectations (~> 2.13.0)
      rspec-mocks (~> 2.13.0)
    rspec-core (2.13.1)
    rspec-expectations (2.13.0)
      diff-lcs (>= 1.1.3, < 2.0)
    rspec-mocks (2.13.1)

PLATFORMS
  ruby

DEPENDENCIES
  fakes-rspec
  rspec
